PATH
  remote: .
  specs:
    opentox-client (1.0.0pre1)
      bundler
      open4
      rdf
      rdf-n3
      rdf-raptor
      rest-client

GEM
  remote: http://rubygems.org/
  specs:
    addressable (2.3.2)
    ffi (1.3.1)
    mime-types (1.19)
    open4 (1.3.0)
    rdf (0.3.11.1)
      addressable (>= 2.2.6)
    rdf-n3 (0.3.8)
      rdf (>= 0.3.11)
    rdf-raptor (0.4.2)
      ffi (>= 1.0)
      rdf (~> 0.3.8)
    rest-client (1.6.7)
      mime-types (>= 1.16)

PLATFORMS
  ruby

DEPENDENCIES
  opentox-client!
